PATH
  remote: /Users/tom/projects/kotoba
  specs:
    kotoba (0.0.0)
      hashie
      kramdown
      prawn (~> 0.13.1)
      thor

GEM
  remote: https://rubygems.org/
  specs:
    Ascii85 (1.0.2)
    afm (0.2.0)
    coderay (1.1.0)
    hashery (2.1.1)
    hashie (2.0.5)
    kramdown (1.3.0)
    method_source (0.8.2)
    pdf-reader (1.3.3)
      Ascii85 (~> 1.0.0)
      afm (~> 0.2.0)
      hashery (~> 2.0)
      ruby-rc4
      ttfunk
    prawn (0.13.1)
      pdf-reader (~> 1.2)
      ruby-rc4
      ttfunk (~> 1.0.3)
    pry (0.9.12.4)
      coderay (~> 1.0)
      method_source (~> 0.8)
      slop (~> 3.4)
    ruby-rc4 (0.1.5)
    slop (3.4.7)
    thor (0.18.1)
    ttfunk (1.0.3)

PLATFORMS
  ruby

DEPENDENCIES
  kotoba!
  pry
