PATH
  remote: /Users/tom/projects/kotoba
  specs:
    kotoba (0.0.0)
      hashie
      htmlentities
      maruku
      prawn
      thor

GEM
  remote: https://rubygems.org/
  specs:
    Ascii85 (1.0.2)
    afm (0.2.0)
    coderay (1.0.9)
    hashery (2.1.0)
    hashie (1.2.0)
    htmlentities (4.3.1)
    maruku (0.6.1)
      syntax (>= 1.0.0)
    method_source (0.8.1)
    pdf-reader (1.3.3)
      Ascii85 (~> 1.0.0)
      afm (~> 0.2.0)
      hashery (~> 2.0)
      ruby-rc4
      ttfunk
    prawn (0.12.0)
      pdf-reader (>= 0.9.0)
      ttfunk (~> 1.0.2)
    pry (0.9.12.2)
      coderay (~> 1.0.5)
      method_source (~> 0.8)
      slop (~> 3.4)
    ruby-rc4 (0.1.5)
    slop (3.4.5)
    syntax (1.0.0)
    thor (0.18.1)
    ttfunk (1.0.3)

PLATFORMS
  ruby

DEPENDENCIES
  kotoba!
  pry
